GEM
  remote: https://rubygems.org/
  specs:
    CFPropertyList (2.2.8)
    blankslate (2.1.2.4)
    coffee-script (2.2.0)
      coffee-script-source
      execjs
    coffee-script-source (1.6.3)
    diff-lcs (1.2.5)
    dotenv (1.0.2)
    em-proxy (0.1.8)
      eventmachine
    eventmachine (1.0.6)
    execjs (2.0.2)
    facter (2.4.0)
      CFPropertyList (~> 2.2.6)
    formatador (0.2.5)
    haml (4.0.4)
      tilt
    http-parser-lite (0.6.0)
    iniparse (1.3.3)
    invoker (1.3.2)
      dotenv (~> 1.0.2)
      em-proxy (~> 0.1)
      eventmachine (~> 1.0.4)
      facter (~> 2.2)
      formatador (~> 0.2)
      http-parser-lite (~> 0.6)
      iniparse (~> 1.1)
      rainbow (~> 2.0)
      rubydns (~> 0.8.5)
      thor (~> 0.19)
      uuid (~> 2.3)
    json (1.8.1)
    kgio (2.9.2)
    macaddr (1.7.1)
      systemu (~> 2.6.2)
    parslet (1.5.0)
      blankslate (~> 2.0)
    rack (1.5.2)
    rack-protection (1.5.1)
      rack
    rainbow (2.0.0)
    raindrops (0.13.0)
    rspec (2.14.1)
      rspec-core (~> 2.14.0)
      rspec-expectations (~> 2.14.0)
      rspec-mocks (~> 2.14.0)
    rspec-core (2.14.7)
    rspec-expectations (2.14.4)
      diff-lcs (>= 1.1.3, < 2.0)
    rspec-mocks (2.14.4)
    rubydns (0.8.5)
      eventmachine (~> 1.0.0)
    sass (3.2.13)
    shotgun (0.9)
      rack (>= 1.0)
    sinatra (1.4.4)
      rack (~> 1.4)
      rack-protection (~> 1.4)
      tilt (~> 1.3, >= 1.3.4)
    systemu (2.6.4)
    thor (0.19.1)
    tilt (1.4.1)
    unicorn (4.8.2)
      kgio (~> 2.6)
      rack
      raindrops (~> 0.7)
    uuid (2.3.7)
      macaddr (~> 1.0)

PLATFORMS
  ruby

DEPENDENCIES
  coffee-script (~> 2.2.0)
  haml (~> 4.0.4)
  invoker (~> 1.3.2)
  json (~> 1.8.1)
  parslet (~> 1.5.0)
  rspec (~> 2.14.1)
  sass (~> 3.2.13)
  shotgun (~> 0.9.0)
  sinatra
  unicorn
